PATH
  remote: .
  specs:
    diffbot (0.1.7)
      excon
      hashie
      nokogiri (~> 1.5.0)
      yajl-ruby

GEM
  remote: https://rubygems.org/
  specs:
    codeclimate-test-reporter (0.4.1)
      simplecov (>= 0.7.1, < 1.0.0)
    docile (1.1.5)
    excon (0.20.1)
    hashie (2.0.3)
    minitest (4.7.0)
    multi_json (1.10.1)
    nokogiri (1.5.10)
    rake (10.0.4)
    simplecov (0.9.1)
      docile (~> 1.1.0)
      multi_json (~> 1.0)
      simplecov-html (~> 0.8.0)
    simplecov-html (0.8.0)
    yajl-ruby (1.1.0)

PLATFORMS
  ruby

DEPENDENCIES
  bundler (~> 1.3)
  codeclimate-test-reporter
  diffbot!
  minitest
  rake
